GEM
  remote: https://rubygems.org/
  specs:
    awesome_print (1.8.0)
    backports (3.11.3)
    coffee-script (2.4.1)
      coffee-script-source
      execjs
    coffee-script-source (1.12.2)
    colsole (0.5.2)
    docopt (0.6.1)
    execjs (2.7.0)
    ffi (1.9.23)
    multi_json (1.13.1)
    mustermann (1.0.2)
    puma (3.11.4)
    rack (2.0.5)
    rack-coffee (1.0.3)
      coffee-script
      rack
    rack-protection (2.0.1)
      rack
    rb-fsevent (0.10.3)
    rb-inotify (0.9.10)
      ffi (>= 0.5.0, < 2)
    require_all (2.0.0)
    runfile (0.10.1)
      colsole (~> 0.5)
      docopt (~> 0.5)
    sass (3.5.6)
      sass-listen (~> 4.0.0)
    sass-listen (4.0.0)
      rb-fsevent (~> 0.9, >= 0.9.4)
      rb-inotify (~> 0.9, >= 0.9.7)
    sinatra (2.0.1)
      mustermann (~> 1.0)
      rack (~> 2.0)
      rack-protection (= 2.0.1)
      tilt (~> 2.0)
    sinatra-contrib (2.0.1)
      backports (>= 2.0)
      multi_json
      mustermann (~> 1.0)
      rack-protection (= 2.0.1)
      sinatra (= 2.0.1)
      tilt (>= 1.3, < 3)
    slim (3.0.9)
      temple (>= 0.7.6, < 0.9)
      tilt (>= 1.3.3, < 2.1)
    temple (0.8.0)
    tilt (2.0.8)

PLATFORMS
  ruby

DEPENDENCIES
  awesome_print
  puma
  rack-coffee
  require_all
  runfile
  sass
  sinatra
  sinatra-contrib
  slim

BUNDLED WITH
   1.16.1
